GEM
  remote: https://rubygems.org/
  specs:
    daemons (1.2.3)
    foreman (0.82.0)
      thor (~> 0.19.1)
    puma (3.4.0)
    rack (1.6.4)
    thor (0.19.1)

PLATFORMS
  ruby

DEPENDENCIES
  daemons
  foreman
  puma
  rack

BUNDLED WITH
   1.12.3
