GEM
  remote: https://rubygems.org/
  specs:
    filewatcher (0.5.3)
      trollop (~> 2.0)
    fishwife (1.8.1-java)
      rack (>= 1.5.2, < 1.7)
      rjack-jetty (>= 9.2.11, < 9.4)
      rjack-slf4j (~> 1.7.2)
    foreman (0.82.0)
      thor (~> 0.19.1)
    puma (3.4.0)
    puma (3.4.0-java)
    rack (1.6.4)
    rjack-jetty (9.3.8.0-java)
    rjack-slf4j (1.7.19.0-java)
    thor (0.19.1)
    trollop (2.1.2)

PLATFORMS
  java
  ruby

DEPENDENCIES
  filewatcher
  fishwife
  foreman
  puma
  rack

BUNDLED WITH
   1.12.5
